GIT
  remote: https://git@github.com/sinatra/sinatra.git
  revision: 6ac6acc56d0d08068ed3cf6bf2916d18b3995c7f
  specs:
    sinatra (1.4.6)
      rack (~> 1.4)
      rack-protection (~> 1.4)
      tilt (>= 1.3, < 3)

GEM
  remote: https://rubygems.org/
  specs:
    puma (2.11.2)
      rack (>= 1.1, < 2.0)
    rack (1.6.0)
    rack-protection (1.5.3)
      rack
    rails_12factor (0.0.3)
      rails_serve_static_assets
      rails_stdout_logging
    rails_serve_static_assets (0.0.4)
    rails_stdout_logging (0.0.3)
    tilt (2.0.1)

PLATFORMS
  ruby

DEPENDENCIES
  puma
  rails_12factor
  sinatra!
